GEM
  remote: http://rubygems.org/
  specs:
    systemu (2.5.0)

PLATFORMS
  ruby

DEPENDENCIES
  systemu
